GEM
  remote: http://rubygems.org/
  specs:
    addressable (2.3.2)
    excon (0.16.10)
    ffi (1.0.11)
    guard (1.0.0)
      ffi (>= 0.5.0)
      thor (~> 0.14.6)
    guard-shell (0.2.0)
      guard (>= 0.2.0)
    heroku (2.33.2)
      heroku-api (~> 0.3.7)
      launchy (>= 0.3.2)
      netrc (~> 0.7.7)
      rest-client (~> 1.6.1)
      rubyzip
    heroku-api (0.3.7)
      excon (~> 0.16.10)
    launchy (2.1.2)
      addressable (~> 2.3)
    mime-types (1.19)
    netrc (0.7.7)
    rest-client (1.6.7)
      mime-types (>= 1.16)
    rubyzip (0.9.9)
    thor (0.14.6)

PLATFORMS
  ruby

DEPENDENCIES
  guard
  guard-shell
  heroku
